REDIRECTS: ON
RESTRICTION: || (== net20) (== net40) (== net452)
NUGET
  remote: https://api.nuget.org/v3/index.json
    Autofac (4.6.2)
    FSharp.Core (3.1.2.5)
    NUnit (2.6.4)
    Unquote (4.0)
    xunit (2.3.1)
      xunit.analyzers (>= 0.7)
      xunit.assert (2.3.1)
      xunit.core (2.3.1)
    xunit.abstractions (2.0.1) - restriction: || (&& (== net20) (>= netstandard1.1)) (&& (== net40) (>= netstandard1.1)) (== net452)
    xunit.analyzers (0.8)
    xunit.assert (2.3.1)
    xunit.core (2.3.1)
      xunit.extensibility.core (2.3.1)
      xunit.extensibility.execution (2.3.1)
    xunit.extensibility.core (2.3.1)
      xunit.abstractions (>= 2.0.1) - restriction: || (&& (== net20) (>= netstandard1.1)) (&& (== net40) (>= netstandard1.1)) (== net452)
    xunit.extensibility.execution (2.3.1)
      xunit.extensibility.core (2.3.1) - restriction: || (&& (== net20) (>= netstandard1.1)) (&& (== net40) (>= netstandard1.1)) (== net452)
    xunit.runner.visualstudio (2.3.1) - version_in_path: false

GROUP build
RESTRICTION: || (== net20) (== net40) (== net452)
NUGET
  remote: https://www.nuget.org/api/v2
    Chessie (0.6) - restriction: || (&& (== net20) (>= net45)) (&& (== net20) (>= netstandard2.0)) (&& (== net40) (>= net45)) (&& (== net40) (>= netstandard2.0)) (== net452)
      FSharp.Core
    FAKE (4.64.11)
    FSharp.Compiler.Tools (10.0.1) - restriction: || (&& (== net20) (>= net45)) (&& (== net40) (>= net45)) (== net452)
    FSharp.Core (4.3.4) - restriction: || (&& (== net20) (>= net45)) (&& (== net40) (>= net45)) (== net452)
    Mono.Cecil (0.10.0-beta7) - restriction: || (&& (== net20) (>= net45)) (&& (== net20) (>= netstandard2.0)) (&& (== net40) (>= net45)) (&& (== net40) (>= netstandard2.0)) (== net452)
    Newtonsoft.Json (11.0.1) - restriction: || (&& (== net20) (>= net45)) (&& (== net40) (>= net45)) (== net452)
    NUnit.ConsoleRunner (3.8)
    NUnit.Extension.NUnitV2Driver (3.7)
    NUnit.Extension.NUnitV2ResultWriter (3.6)
    Paket.Core (5.153)
      Chessie (>= 0.6) - restriction: || (&& (== net20) (>= net45)) (&& (== net20) (>= netstandard2.0)) (&& (== net40) (>= net45)) (&& (== net40) (>= netstandard2.0)) (== net452)
      FSharp.Compiler.Tools  - restriction: || (&& (== net20) (>= net45)) (&& (== net40) (>= net45)) (== net452)
      FSharp.Core  - restriction: || (&& (== net20) (>= net45)) (&& (== net40) (>= net45)) (== net452)
      Mono.Cecil (>= 0.10.0-beta6) - restriction: || (&& (== net20) (>= net45)) (&& (== net20) (>= netstandard2.0)) (&& (== net40) (>= net45)) (&& (== net40) (>= netstandard2.0)) (== net452)
      Newtonsoft.Json  - restriction: || (&& (== net20) (>= net45)) (&& (== net40) (>= net45)) (== net452)
    xunit.runner.console (2.3.1)
